GEM
  remote: http://rubygems.org/
  specs:
    mime-types (1.19)

PLATFORMS
  ruby

DEPENDENCIES
  mime-types
