GEM
  remote: http://rubygems.org/
  specs:
    flexmock (1.2.0)
    mime-types (1.19)

PLATFORMS
  ruby

DEPENDENCIES
  flexmock (>= 0.9.0)
  mime-types
